GIT
  remote: https://github.com/mash-97/file_disperser.git
  revision: be6b437a3b28b5ebcd2163dac7bb8d0d6115780a
  specs:
    file_disperser (0.2.0)

GIT
  remote: https://github.com/mash-97/mashz.git
  revision: cb31aa1798bdac3a8ce9b7ec19a7c94bcd6fdff1
  specs:
    mashz (0.2.0)

PATH
  remote: .
  specs:
    shpg (0.1.0)

GEM
  remote: https://rubygems.org/
  specs:
    ast (2.4.2)
    colored (1.2)
    find (0.1.0)
    minitest (5.14.4)
    parallel (1.20.1)
    parser (3.0.0.0)
      ast (~> 2.4.1)
    rainbow (3.0.0)
    rake (13.0.3)
    regexp_parser (2.1.1)
    rexml (3.2.4)
    rubocop (1.11.0)
      parallel (~> 1.10)
      parser (>= 3.0.0.0)
      rainbow (>= 2.2.2, < 4.0)
      regexp_parser (>= 1.8, < 3.0)
      rexml
      rubocop-ast (>= 1.2.0, < 2.0)
      ruby-progressbar (~> 1.7)
      unicode-display_width (>= 1.4.0, < 3.0)
    rubocop-ast (1.4.1)
      parser (>= 2.7.1.5)
    ruby-progressbar (1.11.0)
    tempfile (0.1.1)
    unicode-display_width (2.0.0)
    yaml (0.1.1)

PLATFORMS
  x86_64-linux

DEPENDENCIES
  colored (~> 1.2)
  file_disperser (~> 0.2.0)!
  find (~> 0.1.0)
  mashz (~> 0.2.0)!
  minitest (~> 5.0)
  rake (~> 13.0)
  rubocop (~> 1.7)
  shpg!
  tempfile (~> 0.1.1)
  yaml (~> 0.1.1)

BUNDLED WITH
   2.2.9
